GEM
  remote: http://ruby.taobao.org/
  specs:
    activesupport (3.2.14)
      i18n (~> 0.6, >= 0.6.4)
      multi_json (~> 1.0)
    diff-lcs (1.2.4)
    i18n (0.6.5)
    multi_json (1.8.0)
    rspec (2.14.1)
      rspec-core (~> 2.14.0)
      rspec-expectations (~> 2.14.0)
      rspec-mocks (~> 2.14.0)
    rspec-core (2.14.5)
    rspec-expectations (2.14.2)
      diff-lcs (>= 1.1.3, < 2.0)
    rspec-mocks (2.14.3)
    simplecov (0.7.1)
      multi_json (~> 1.0)
      simplecov-html (~> 0.7.1)
    simplecov-html (0.7.1)
    term-ansicolor (1.2.2)
      tins (~> 0.8)
    tilt (1.4.1)
    tins (0.9.0)

PLATFORMS
  ruby

DEPENDENCIES
  activesupport (~> 3.2.14)
  rspec (~> 2.14.1)
  simplecov (~> 0.7.1)
  term-ansicolor (~> 1.2.2)
  tilt (~> 1.4.1)
